GIT
  remote: https://github.com/hanami/cli.git
  revision: daf18f87dc1f6341db0455309612e422882919f4
  branch: unstable
  specs:
    hanami-cli (1.0.0.alpha1)
      concurrent-ruby (~> 1.0)
      hanami-utils (~> 2.0.alpha)

GIT
  remote: https://github.com/hanami/controller.git
  revision: 63b69b0dda7badef15c80982828a46f056d6aee1
  branch: unstable
  specs:
    hanami-controller (2.0.0.alpha1)
      hanami-utils (~> 2.0.alpha)
      rack (~> 2.0)

GIT
  remote: https://github.com/hanami/hanami.git
  revision: 763e768547e65bd7a3ef38d889ed9aa9fbd43423
  branch: feature/application
  specs:
    hanami (2.0.0.alpha1)
      bundler (~> 1.16)
      dry-inflector (~> 0.1, >= 0.1.2)
      dry-system (~> 0.10)
      hanami-cli (~> 1.0.alpha)
      hanami-controller (~> 2.0.alpha)
      hanami-router (~> 2.0.alpha)
      hanami-utils (~> 2.0.alpha)

GIT
  remote: https://github.com/hanami/router.git
  revision: df2af40fa009b43c2a700a1032f77c5c951c5202
  branch: unstable
  specs:
    hanami-router (2.0.0.alpha1)
      dry-inflector (~> 0.1)
      hanami-utils (~> 2.0.alpha)
      mustermann (~> 1.0)
      mustermann-contrib (~> 1.0)
      rack (~> 2.0)

GIT
  remote: https://github.com/hanami/utils.git
  revision: 471b9f6970c18ecd039549292dd67bbbb069ad3e
  branch: unstable
  specs:
    hanami-utils (2.0.0.alpha1)
      concurrent-ruby (~> 1.0)
      transproc (~> 1.0)

GEM
  remote: https://rubygems.org/
  specs:
    byebug (10.0.2)
    concurrent-ruby (1.1.4)
    dotenv (2.5.0)
    dry-auto_inject (0.6.0)
      dry-container (>= 0.3.4)
    dry-configurable (0.7.0)
      concurrent-ruby (~> 1.0)
    dry-container (0.6.0)
      concurrent-ruby (~> 1.0)
      dry-configurable (~> 0.1, >= 0.1.3)
    dry-core (0.4.7)
      concurrent-ruby (~> 1.0)
    dry-equalizer (0.2.1)
    dry-inflector (0.1.2)
    dry-logic (0.4.2)
      dry-container (~> 0.2, >= 0.2.6)
      dry-core (~> 0.2)
      dry-equalizer (~> 0.2)
    dry-struct (0.6.0)
      dry-core (~> 0.4, >= 0.4.3)
      dry-equalizer (~> 0.2)
      dry-types (~> 0.13)
      ice_nine (~> 0.11)
    dry-system (0.10.1)
      concurrent-ruby (~> 1.0)
      dry-auto_inject (>= 0.4.0)
      dry-configurable (~> 0.7, >= 0.7.0)
      dry-container (~> 0.6)
      dry-core (>= 0.3.1)
      dry-equalizer (~> 0.2)
      dry-inflector (~> 0.1, >= 0.1.2)
      dry-struct (~> 0.5)
    dry-types (0.13.4)
      concurrent-ruby (~> 1.0)
      dry-container (~> 0.3)
      dry-core (~> 0.4, >= 0.4.4)
      dry-equalizer (~> 0.2)
      dry-inflector (~> 0.1, >= 0.1.2)
      dry-logic (~> 0.4, >= 0.4.2)
    hansi (0.2.0)
    ice_nine (0.11.2)
    mustermann (1.0.3)
    mustermann-contrib (1.0.3)
      hansi (~> 0.2.0)
      mustermann (= 1.0.3)
    puma (3.12.0)
    rack (2.0.6)
    transproc (1.0.3)

PLATFORMS
  ruby

DEPENDENCIES
  byebug
  dotenv (~> 2.5)
  hanami (~> 2.0.alpha)!
  hanami-cli (~> 1.0.alpha)!
  hanami-controller (~> 2.0.alpha)!
  hanami-router (~> 2.0.alpha)!
  hanami-utils (~> 2.0.alpha)!
  puma (~> 3.12)

BUNDLED WITH
   1.17.3
