GIT
  remote: https://github.com/hanami/cli.git
  revision: 280a5601186baeee9137c1096036ad4055ca8fd1
  branch: unstable
  specs:
    hanami-cli (1.0.0.alpha1)
      concurrent-ruby (~> 1.0)
      hanami-utils (~> 2.0.alpha)

GIT
  remote: https://github.com/hanami/controller.git
  revision: 186711b23e2e42c43e0cd392672163137da5957d
  branch: fix/hanami-action-behavior-inherited-multiple-times
  specs:
    hanami-controller (2.0.0.alpha1)
      hanami-utils (~> 2.0.alpha)
      rack (~> 2.0)

GIT
  remote: https://github.com/hanami/router.git
  revision: 21d24856dc346672f359ce20132b9a04f2871359
  branch: unstable
  specs:
    hanami-router (2.0.0.alpha1)
      dry-inflector (~> 0.1)
      hanami-utils (~> 2.0.alpha)
      mustermann (~> 1.0)
      mustermann-contrib (~> 1.0)
      rack (~> 2.0)

GIT
  remote: https://github.com/hanami/utils.git
  revision: 3f4c23367a250c505bd6bb7d853e17a328169d2e
  branch: unstable
  specs:
    hanami-utils (2.0.0.alpha1)
      concurrent-ruby (~> 1.0)
      transproc (~> 1.0)

PATH
  remote: ../hanami/hanami
  specs:
    hanami (2.0.0.alpha1)
      bundler (~> 1.16)
      hanami-cli (~> 1.0.alpha)
      hanami-controller (~> 2.0.alpha)
      hanami-router (~> 2.0.alpha)
      hanami-utils (~> 2.0.alpha)

GEM
  remote: https://rubygems.org/
  specs:
    byebug (10.0.2)
    concurrent-ruby (1.1.3)
    dry-inflector (0.1.2)
    hansi (0.2.0)
    mustermann (1.0.3)
    mustermann-contrib (1.0.3)
      hansi (~> 0.2.0)
      mustermann (= 1.0.3)
    puma (3.12.0)
    rack (2.0.6)
    transproc (1.0.2)

PLATFORMS
  ruby

DEPENDENCIES
  byebug
  hanami!
  hanami-cli (~> 1.0.alpha)!
  hanami-controller (~> 2.0.alpha)!
  hanami-router (~> 2.0.alpha)!
  hanami-utils (~> 2.0.alpha)!
  puma

BUNDLED WITH
   1.16.6
